PATH
  remote: .
  specs:
    kraken-mobile (1.0.5)
      calabash-android (= 0.9.8)
      capybara (= 3.31.0)
      cucumber (~> 3.1)
      faker (= 2.10.0)
      parallel (= 1.14.0)
      selenium-webdriver (= 3.142.7)
      tty-prompt (= 0.18.1)

GEM
  remote: http://rubygems.org/
  specs:
    addressable (2.7.0)
      public_suffix (>= 2.0.2, < 5.0)
    awesome_print (1.8.0)
    backports (3.16.0)
    builder (3.2.4)
    byebug (11.1.1)
    calabash-android (0.9.8)
      awesome_print (~> 1.2)
      cucumber
      escape (~> 0.0.4)
      httpclient (>= 2.7.1, < 3.0)
      json
      luffa
      rubyzip (~> 1.2)
      slowhandcuke (~> 0.0.3)
    capybara (3.31.0)
      addressable
      mini_mime (>= 0.1.3)
      nokogiri (~> 1.8)
      rack (>= 1.6.0)
      rack-test (>= 0.6.3)
      regexp_parser (~> 1.5)
      xpath (~> 3.2)
    childprocess (3.0.0)
    concurrent-ruby (1.1.6)
    cucumber (3.1.2)
      builder (>= 2.1.2)
      cucumber-core (~> 3.2.0)
      cucumber-expressions (~> 6.0.1)
      cucumber-wire (~> 0.0.1)
      diff-lcs (~> 1.3)
      gherkin (~> 5.1.0)
      multi_json (>= 1.7.5, < 2.0)
      multi_test (>= 0.1.2)
    cucumber-core (3.2.1)
      backports (>= 3.8.0)
      cucumber-tag_expressions (~> 1.1.0)
      gherkin (~> 5.0)
    cucumber-expressions (6.0.1)
    cucumber-tag_expressions (1.1.1)
    cucumber-wire (0.0.1)
    diff-lcs (1.3)
    equatable (0.6.1)
    escape (0.0.4)
    faker (2.10.0)
      i18n (>= 1.6, < 1.8)
    gherkin (5.1.0)
    httpclient (2.8.3)
    i18n (1.7.1)
      concurrent-ruby (~> 1.0)
    json (2.3.0)
    luffa (2.1.0)
      awesome_print
      json
      retriable (>= 1.3.3.1, < 2.1)
      thor (~> 0.19)
    mini_mime (1.0.2)
    mini_portile2 (2.4.0)
    multi_json (1.14.1)
    multi_test (0.1.2)
    necromancer (0.4.0)
    nokogiri (1.10.8)
      mini_portile2 (~> 2.4.0)
    parallel (1.14.0)
    pastel (0.7.3)
      equatable (~> 0.6)
      tty-color (~> 0.5)
    public_suffix (4.0.3)
    rack (2.2.3)
    rack-test (1.1.0)
      rack (>= 1.0, < 3)
    regexp_parser (1.6.0)
    retriable (2.0.2)
    rubyzip (1.3.0)
    selenium-webdriver (3.142.7)
      childprocess (>= 0.5, < 4.0)
      rubyzip (>= 1.2.2)
    slowhandcuke (0.0.3)
      cucumber
    thor (0.20.3)
    timers (4.3.0)
    tty-color (0.5.1)
    tty-cursor (0.6.1)
    tty-prompt (0.18.1)
      necromancer (~> 0.4.0)
      pastel (~> 0.7.0)
      timers (~> 4.0)
      tty-cursor (~> 0.6.0)
      tty-reader (~> 0.5.0)
    tty-reader (0.5.0)
      tty-cursor (~> 0.6.0)
      tty-screen (~> 0.6.4)
      wisper (~> 2.0.0)
    tty-screen (0.6.5)
    wisper (2.0.1)
    xpath (3.2.0)
      nokogiri (~> 1.8)

PLATFORMS
  ruby

DEPENDENCIES
  byebug (~> 11.1)
  kraken-mobile!

BUNDLED WITH
   2.1.4
